PATH
  remote: .
  specs:
    shopify_app_reviews (0.1.0)

GEM
  remote: https://rubygems.org/
  specs:
    rake (10.4.2)

PLATFORMS
  ruby

DEPENDENCIES
  bundler (~> 1.17)
  rake (~> 10.0)
  shopify_app_reviews!

BUNDLED WITH
   1.17.1
