PATH
  remote: .
  specs:
    shopify_app_reviews (0.2.0)
      colorize

GEM
  remote: https://rubygems.org/
  specs:
    colorize (0.8.1)
    rake (10.4.2)

PLATFORMS
  ruby

DEPENDENCIES
  bundler (~> 2.0.1)
  rake (~> 10.0)
  shopify_app_reviews!

BUNDLED WITH
   2.0.1
